PATH
  remote: .
  specs:
    sexmachine (0.0.6)
      unicode_utils (>= 1.3.0)

GEM
  remote: http://rubygems.org/
  specs:
    minitest (4.7.5)
    unicode_utils (1.4.0)

PLATFORMS
  ruby

DEPENDENCIES
  minitest (= 4.7.5)
  sexmachine!
