PATH
  remote: .
  specs:
    gender-detector (0.1.0)
      unicode_utils (>= 1.3.0)

GEM
  remote: http://rubygems.org/
  specs:
    json (1.8.1)
    minitest (5.3.3)
    rake (10.3.1)
    rdoc (4.1.1)
      json (~> 1.4)
    unicode_utils (1.4.0)

PLATFORMS
  ruby

DEPENDENCIES
  gender-detector!
  minitest
  rake
  rdoc
