PATH
  remote: .
  specs:
    gender_detector (0.1.2)

GEM
  remote: http://rubygems.org/
  specs:
    activesupport (4.2.1)
      i18n (~> 0.7)
      json (~> 1.7, >= 1.7.7)
      minitest (~> 5.1)
      thread_safe (~> 0.3, >= 0.3.4)
      tzinfo (~> 1.1)
    i18n (0.7.0)
    json (1.8.1)
    minitest (5.3.3)
    minitest-stub-const (0.4)
    rake (10.3.1)
    rdoc (4.1.1)
      json (~> 1.4)
    thread_safe (0.3.5)
    tzinfo (1.2.2)
      thread_safe (~> 0.1)
    unicode_utils (1.4.0)

PLATFORMS
  ruby

DEPENDENCIES
  activesupport
  gender_detector!
  minitest
  minitest-stub-const
  rake
  rdoc
  unicode_utils (>= 1.3.0)
